{
	"Modality": "MR",
	"MagneticFieldStrength": 10.5,
	"ImagingFrequency": 447.054,
	"Manufacturer": "Siemens",
	"ManufacturersModelName": "Investigational_Device_10_5T_Plus",
	"InstitutionName": "CMRR_10.5T",
	"InstitutionalDepartmentName": "Department",
	"InstitutionAddress": "6th_Street_SE_2021_Minneapolis_District_US_55455",
	"DeviceSerialNumber": "18935",
	"StationName": "DECET",
	"BodyPartExamined": "BRAIN",
	"PatientPosition": "HFS",
	"ProcedureStepDescription": "Zimmermann_NHP",
	"SoftwareVersions": "syngo_MR_E12",
	"MRAcquisitionType": "2D",
	"SeriesDescription": "eja_ep2d_bold_pt75mm_TR1pt2_MB2_TE17_RL_SBRef",
	"ProtocolName": "eja_ep2d_bold_pt75mm_TR1pt2_MB2_TE17_RL",
	"ScanningSequence": "EP",
	"SequenceVariant": "SK_SS_OSP",
	"ScanOptions": "PFP",
	"SequenceName": "epfid2d1_108",
	"ImageType": ["ORIGINAL", "PRIMARY", "M", "ND", "MOSAIC"],
	"SeriesNumber": 61,
	"AcquisitionTime": "11:50:46.882500",
	"AcquisitionNumber": 1,
	"ImageComments": "Single-band_reference",
	"SliceThickness": 0.75,
	"SpacingBetweenSlices": 0.75,
	"SAR": 0.0504278,
	"EchoTime": 0.0176,
	"RepetitionTime": 1.11,
	"FlipAngle": 60,
	"PartialFourier": 0.75,
	"BaseResolution": 154,
	"ShimSetting": [
		-347,
		-1757,
		1216,
		-1332,
		-3216,
		-10876,
		-4707,
		5863	],
	"TxRefAmp": 240,
	"PhaseResolution": 1,
	"ReceiveCoilName": "Primate_8T32R",
	"ReceiveCoilActiveElements": "R16,8;T8",
	"CoilString": "R16_8;T8",
	"PulseSequenceDetails": "%CustomerSeq%_eja_ep2d_bold",
	"WipMemBlock": "901813a2-18dd-420f-85fd-5b406091c392||Sequence: R016 ve12u-ap01/master r/7909f342+; Oct 17 2019 19:12:19 by eja",
	"ConsistencyInfo": "N4_VE12U_LATEST_20181126",
	"PercentPhaseFOV": 70.1299,
	"EchoTrainLength": 27,
	"PhaseEncodingSteps": 82,
	"AcquisitionMatrixPE": 108,
	"ReconMatrixPE": 154,
	"BandwidthPerPixelPhaseEncode": 27.778,
	"ParallelReductionFactorInPlane": 3,
	"EffectiveEchoSpacing": 0.000233764,
	"DerivedVendorReportedEchoSpacing": 0.000701293,
	"TotalReadoutTime": 0.0357659,
	"PixelBandwidth": 1205,
	"DwellTime": 2.7e-06,
	"PhaseEncodingDirection": "i-",
	"SliceTiming": [
		0,
		0.0375,
		0.075,
		0.1125,
		0.1525,
		0.19,
		0.2275,
		0.2675,
		0.305,
		0.3425,
		0.3825,
		0.42,
		0.4575,
		0.4975,
		0.535,
		0.5725,
		0.61,
		0.65,
		0.6875,
		0.725,
		0.765,
		0.8025,
		0.84,
		0.88,
		0.9175,
		0.955,
		0.995,
		1.0325,
		1.07,
		1.1075,
		1.1475,
		1.185,
		1.2225,
		1.2625,
		1.3,
		1.3375,
		1.3775,
		1.415,
		1.4525,
		1.4925,
		1.53,
		1.5675,
		1.605,
		1.645,
		1.6825,
		1.72,
		1.76,
		1.7975,
		1.835,
		1.875,
		1.9125,
		1.95,
		1.99,
		2.0275,
		2.065,
		2.1025,
		2.1425,
		2.18	],
	"ImageOrientationPatientDICOM": [
		0.978509,
		0.206204,
		0,
		0,
		0,
		-1	],
	"InPlanePhaseEncodingDirectionDICOM": "ROW",
	"ConversionSoftware": "dcm2niix",
	"ConversionSoftwareVersion": "v1.0.20181125  GCC4.9.4",
    "IntendedFor": [
        "ses-20200205/func/sub-cannellini_ses-20200205_task-rest_run-01_bold.nii.gz",
        "ses-20200205/func/sub-cannellini_ses-20200205_task-rest_run-02_bold.nii.gz",
        "ses-20200205/func/sub-cannellini_ses-20200205_task-rest_run-03_bold.nii.gz",
        "ses-20200205/func/sub-cannellini_ses-20200205_task-rest_run-04_bold.nii.gz",
        "ses-20200205/func/sub-cannellini_ses-20200205_task-rest_run-05_bold.nii.gz"
    ]
}
